GEM
  remote: https://rubygems.org/
  specs:
    gosu (0.9.2)
    gosu_enhanced (0.3.4)
      gosu (~> 0.9)

PLATFORMS
  ruby

DEPENDENCIES
  gosu_enhanced (~> 0.3.4)
